NUGET
  remote: https://www.nuget.org/api/v2
    FAKE (4.44.3)
    FSharp.Compiler.Service (2.0.0.6)
    FSharp.Core (3.1.2.5)
    FSharp.Formatting (2.14.4)
      FSharp.Compiler.Service (2.0.0.6)
      FSharpVSPowerTools.Core (>= 2.3 < 2.4)
    FSharpVSPowerTools.Core (2.3)
      FSharp.Compiler.Service (>= 2.0.0.3)
    FsLexYacc (6.1)
      FsLexYacc.Runtime (>= 6.1)
    FsLexYacc.Runtime (6.1)
    NUnit.ConsoleRunner (3.5)
    NUnit.Extension.NUnitProjectLoader (3.5)
    NUnit.Extension.NUnitV2Driver (3.5)
    NUnit.Extension.NUnitV2ResultWriter (3.5)
    NUnit.Extension.TeamCityEventListener (1.0.2)
    NUnit.Extension.VSProjectLoader (3.5)
    nunit.framework (2.63)
    NUnit.Runners (3.5)
      NUnit.ConsoleRunner (>= 3.5)
      NUnit.Extension.NUnitProjectLoader (>= 3.5)
      NUnit.Extension.NUnitV2Driver (>= 3.5)
      NUnit.Extension.NUnitV2ResultWriter (>= 3.5)
      NUnit.Extension.TeamCityEventListener (>= 1.0.2)
      NUnit.Extension.VSProjectLoader (>= 3.5)
