RESTRICTION: || (== net46) (== netcoreapp2.0) (== netstandard2.0)
NUGET
  remote: https://www.nuget.org/api/v2
    FSharp.Compiler.Service (2.0.0.6)
    FSharp.Core (4.3.4)
    FSharp.Formatting (2.14.4)
      FSharp.Compiler.Service (2.0.0.6)
      FSharpVSPowerTools.Core (>= 2.3 < 2.4)
    FSharpVSPowerTools.Core (2.3)
      FSharp.Compiler.Service (>= 2.0.0.3)
    FsLexYacc (9.0.2)
      FSharp.Core (>= 4.3.4 < 4.4)
      FsLexYacc.Runtime (>= 9.0.2 < 9.1)
    FsLexYacc.Runtime (9.0.2)
      FSharp.Core (>= 4.3.4)
    NUnit (2.6.3)
    NUnit.Runners (2.6.3)
